PATH
  remote: .
  specs:
    rack-images (1.0.0)
      dotenv (~> 2.7.5)
      puma
      rack (~> 2.2.2)
      rack-cors (~> 1.1.1)

GEM
  remote: https://rubygems.org/
  specs:
    coderay (1.1.2)
    dotenv (2.7.6)
    method_source (1.0.0)
    nio4r (2.5.2)
    pry (0.13.1)
      coderay (~> 1.1)
      method_source (~> 1.0)
    puma (4.3.5)
      nio4r (~> 2.0)
    rack (2.2.3)
    rack-cors (1.1.1)
      rack (>= 2.0.0)

PLATFORMS
  ruby

DEPENDENCIES
  pry
  rack-images!

BUNDLED WITH
   2.1.4
